GIT
  remote: https://github.com/simmerz/audited.git
  revision: 3cf0141cc28cdad572e2e719b75d355515967dd9
  specs:
    audited (5.0.2)
      activerecord (>= 5.0, < 7.1)

PATH
  remote: gems/active_storage_log_suppressor
  specs:
    active_storage_log_suppressor (0.1.1)
      rails (>= 6.0.0)

GEM
  remote: https://rubygems.org/
  specs:
    actioncable (6.1.4.3)
      actionpack (= 6.1.4.3)
      activesupport (= 6.1.4.3)
      nio4r (~> 2.0)
      websocket-driver (>= 0.6.1)
    actionmailbox (6.1.4.3)
      actionpack (= 6.1.4.3)
      activejob (= 6.1.4.3)
      activerecord (= 6.1.4.3)
      activestorage (= 6.1.4.3)
      activesupport (= 6.1.4.3)
      mail (>= 2.7.1)
    actionmailer (6.1.4.3)
      actionpack (= 6.1.4.3)
      actionview (= 6.1.4.3)
      activejob (= 6.1.4.3)
      activesupport (= 6.1.4.3)
      mail (~> 2.5, >= 2.5.4)
      rails-dom-testing (~> 2.0)
    actionpack (6.1.4.3)
      actionview (= 6.1.4.3)
      activesupport (= 6.1.4.3)
      rack (~> 2.0, >= 2.0.9)
      rack-test (>= 0.6.3)
      rails-dom-testing (~> 2.0)
      rails-html-sanitizer (~> 1.0, >= 1.2.0)
    actiontext (6.1.4.3)
      actionpack (= 6.1.4.3)
      activerecord (= 6.1.4.3)
      activestorage (= 6.1.4.3)
      activesupport (= 6.1.4.3)
      nokogiri (>= 1.8.5)
    actionview (6.1.4.3)
      activesupport (= 6.1.4.3)
      builder (~> 3.1)
      erubi (~> 1.4)
      rails-dom-testing (~> 2.0)
      rails-html-sanitizer (~> 1.1, >= 1.2.0)
    activejob (6.1.4.3)
      activesupport (= 6.1.4.3)
      globalid (>= 0.3.6)
    activemodel (6.1.4.3)
      activesupport (= 6.1.4.3)
    activerecord (6.1.4.3)
      activemodel (= 6.1.4.3)
      activesupport (= 6.1.4.3)
    activerecord-postgres_enum (2.0.1)
      activerecord (>= 5.2)
      pg
    activestorage (6.1.4.3)
      actionpack (= 6.1.4.3)
      activejob (= 6.1.4.3)
      activerecord (= 6.1.4.3)
      activesupport (= 6.1.4.3)
      marcel (~> 1.0.0)
      mini_mime (>= 1.1.0)
    activesupport (6.1.4.3)
      concurrent-ruby (~> 1.0, >= 1.0.2)
      i18n (>= 1.6, < 2)
      minitest (>= 5.1)
      tzinfo (~> 2.0)
      zeitwerk (~> 2.3)
    acts_as_tenant (0.5.1)
      rails (>= 5.2)
      request_store (>= 1.0.5)
    addressable (2.8.4)
      public_suffix (>= 2.0.2, < 6.0)
    appsignal (3.0.26)
      rack
    ast (2.4.2)
    aws-eventstream (1.2.0)
    aws-partitions (1.576.0)
    aws-sdk-core (3.130.1)
      aws-eventstream (~> 1, >= 1.0.2)
      aws-partitions (~> 1, >= 1.525.0)
      aws-sigv4 (~> 1.1)
      jmespath (~> 1.0)
    aws-sdk-kms (1.55.0)
      aws-sdk-core (~> 3, >= 3.127.0)
      aws-sigv4 (~> 1.1)
    aws-sdk-s3 (1.113.0)
      aws-sdk-core (~> 3, >= 3.127.0)
      aws-sdk-kms (~> 1)
      aws-sigv4 (~> 1.4)
    aws-sigv4 (1.4.0)
      aws-eventstream (~> 1, >= 1.0.2)
    backport (1.2.0)
    barnes (0.0.9)
      multi_json (~> 1)
      statsd-ruby (~> 1.1)
    bcrypt (3.1.16)
    benchmark (0.2.0)
    better_html (1.0.16)
      actionview (>= 4.0)
      activesupport (>= 4.0)
      ast (~> 2.0)
      erubi (~> 1.4)
      html_tokenizer (~> 0.0.6)
      parser (>= 2.4)
      smart_properties
    bindex (0.8.1)
    bootsnap (1.11.1)
      msgpack (~> 1.2)
    builder (3.2.4)
    byebug (11.1.3)
    capybara (3.39.2)
      addressable
      matrix
      mini_mime (>= 0.1.3)
      nokogiri (~> 1.8)
      rack (>= 1.6.0)
      rack-test (>= 0.6.3)
      regexp_parser (>= 1.5, < 3.0)
      xpath (~> 3.2)
    certifi (2018.01.18)
    chronic (0.10.2)
    concurrent-ruby (1.2.2)
    crass (1.0.6)
    date (3.3.3)
    devise (4.8.1)
      bcrypt (~> 3.0)
      orm_adapter (~> 0.1)
      railties (>= 4.1.0)
      responders
      warden (~> 1.2.3)
    diff-lcs (1.5.0)
    domain_name (0.5.20190701)
      unf (>= 0.0.5, < 1.0.0)
    dotenv (2.7.6)
    dotenv-rails (2.7.6)
      dotenv (= 2.7.6)
      railties (>= 3.2)
    e2mmap (0.1.0)
    erb_lint (0.1.1)
      activesupport
      better_html (~> 1.0.7)
      html_tokenizer
      parser (>= 2.7.1.4)
      rainbow
      rubocop
      smart_properties
    erubi (1.12.0)
    factory_bot (6.2.0)
      activesupport (>= 5.0.0)
    factory_bot_rails (6.2.0)
      factory_bot (~> 6.2.0)
      railties (>= 5.0.0)
    faraday (1.10.0)
      faraday-em_http (~> 1.0)
      faraday-em_synchrony (~> 1.0)
      faraday-excon (~> 1.1)
      faraday-httpclient (~> 1.0)
      faraday-multipart (~> 1.0)
      faraday-net_http (~> 1.0)
      faraday-net_http_persistent (~> 1.0)
      faraday-patron (~> 1.0)
      faraday-rack (~> 1.0)
      faraday-retry (~> 1.0)
      ruby2_keywords (>= 0.0.4)
    faraday-em_http (1.0.0)
    faraday-em_synchrony (1.0.0)
    faraday-excon (1.1.0)
    faraday-http-cache (2.2.0)
      faraday (>= 0.8)
    faraday-httpclient (1.0.1)
    faraday-multipart (1.0.3)
      multipart-post (>= 1.2, < 3)
    faraday-net_http (1.0.1)
    faraday-net_http_persistent (1.2.0)
    faraday-patron (1.0.0)
    faraday-rack (1.0.0)
    faraday-retry (1.0.3)
    faraday_middleware (1.2.0)
      faraday (~> 1.0)
    ffi (1.15.5)
    ffi-compiler (1.0.1)
      ffi (>= 1.0.0)
      rake
    forwardable (1.3.2)
    gettext (3.4.2)
      locale (>= 2.0.5)
      prime
      text (>= 1.3.0)
    globalid (1.0.0)
      activesupport (>= 5.0)
    hashie (5.0.0)
    html_tokenizer (0.0.7)
    http (5.0.4)
      addressable (~> 2.8)
      http-cookie (~> 1.0)
      http-form_data (~> 2.2)
      llhttp-ffi (~> 0.4.0)
    http-cookie (1.0.4)
      domain_name (~> 0.5)
    http-form_data (2.3.0)
    i18n (1.14.1)
      concurrent-ruby (~> 1.0)
    image_processing (1.12.2)
      mini_magick (>= 4.9.5, < 5)
      ruby-vips (>= 2.0.17, < 3)
    jaro_winkler (1.5.4)
    jbuilder (2.11.5)
      actionview (>= 5.0.0)
      activesupport (>= 5.0.0)
    jmespath (1.6.1)
    jwt (2.3.0)
    kramdown (2.3.1)
      rexml
    kramdown-parser-gfm (1.1.0)
      kramdown (~> 2.0)
    launchy (2.5.0)
      addressable (~> 2.7)
    lefthook (0.7.7)
    letter_opener (1.8.1)
      launchy (>= 2.2, < 3)
    listen (3.7.1)
      rb-fsevent (~> 0.10, >= 0.10.3)
      rb-inotify (~> 0.9, >= 0.9.10)
    little-plugger (1.1.4)
    llhttp-ffi (0.4.0)
      ffi-compiler (~> 1.0)
      rake (~> 13.0)
    locale (2.1.3)
    logging (2.3.0)
      little-plugger (~> 1.1)
      multi_json (~> 1.14)
    loofah (2.21.3)
      crass (~> 1.0.2)
      nokogiri (>= 1.12.0)
    mail (2.8.1)
      mini_mime (>= 0.1.1)
      net-imap
      net-pop
      net-smtp
    marcel (1.0.2)
    matrix (0.4.2)
    method_source (1.0.0)
    mini_magick (4.11.0)
    mini_mime (1.1.2)
    mini_portile2 (2.8.4)
    minitest (5.15.0)
    minitest-ci (3.4.0)
      minitest (>= 5.0.6)
    mjml-rails (4.7.2)
    monetize (1.11.0)
      money (~> 6.12)
    money (6.16.0)
      i18n (>= 0.6.4, <= 2)
    money-rails (1.15.0)
      activesupport (>= 3.0)
      monetize (~> 1.9)
      money (~> 6.13)
      railties (>= 3.0)
    msgpack (1.5.1)
    multi_json (1.15.0)
    multi_xml (0.6.0)
    multipart-post (2.1.1)
    net-imap (0.3.6)
      date
      net-protocol
    net-pop (0.1.2)
      net-protocol
    net-protocol (0.2.1)
      timeout
    net-smtp (0.3.3)
      net-protocol
    nio4r (2.5.8)
    nokogiri (1.15.3)
      mini_portile2 (~> 2.8.2)
      racc (~> 1.4)
    oauth2 (1.4.9)
      faraday (>= 0.17.3, < 3.0)
      jwt (>= 1.0, < 3.0)
      multi_json (~> 1.3)
      multi_xml (~> 0.5)
      rack (>= 1.2, < 3)
    omniauth (2.0.4)
      hashie (>= 3.4.6)
      rack (>= 1.6.2, < 3)
      rack-protection
    omniauth-google-oauth2 (1.0.1)
      jwt (>= 2.0)
      oauth2 (~> 1.1)
      omniauth (~> 2.0)
      omniauth-oauth2 (~> 1.7.1)
    omniauth-oauth2 (1.7.2)
      oauth2 (~> 1.4)
      omniauth (>= 1.9, < 3)
    omniauth-rails_csrf_protection (1.0.1)
      actionpack (>= 4.2)
      omniauth (~> 2.0)
    orm_adapter (0.5.0)
    pagy (5.10.1)
      activesupport
    parallel (1.22.1)
    parser (3.1.1.0)
      ast (~> 2.4.1)
    pg (1.3.5)
    pg_search (2.3.6)
      activerecord (>= 5.2)
      activesupport (>= 5.2)
    prime (0.1.2)
      forwardable
      singleton
    public_suffix (5.0.1)
    puma (5.6.4)
      nio4r (~> 2.0)
    pundit (2.1.1)
      activesupport (>= 3.0.0)
    racc (1.7.1)
    rack (2.2.7)
    rack-protection (2.2.0)
      rack
    rack-proxy (0.7.6)
      rack
    rack-test (2.1.0)
      rack (>= 1.3)
    rails (6.1.4.3)
      actioncable (= 6.1.4.3)
      actionmailbox (= 6.1.4.3)
      actionmailer (= 6.1.4.3)
      actionpack (= 6.1.4.3)
      actiontext (= 6.1.4.3)
      actionview (= 6.1.4.3)
      activejob (= 6.1.4.3)
      activemodel (= 6.1.4.3)
      activerecord (= 6.1.4.3)
      activestorage (= 6.1.4.3)
      activesupport (= 6.1.4.3)
      bundler (>= 1.15.0)
      railties (= 6.1.4.3)
      sprockets-rails (>= 2.0.0)
    rails-controller-testing (1.0.5)
      actionpack (>= 5.0.1.rc1)
      actionview (>= 5.0.1.rc1)
      activesupport (>= 5.0.1.rc1)
    rails-dom-testing (2.1.1)
      activesupport (>= 5.0.0)
      minitest
      nokogiri (>= 1.6)
    rails-html-sanitizer (1.6.0)
      loofah (~> 2.21)
      nokogiri (~> 1.14)
    railties (6.1.4.3)
      actionpack (= 6.1.4.3)
      activesupport (= 6.1.4.3)
      method_source
      rake (>= 0.13)
      thor (~> 1.0)
    rainbow (3.1.1)
    rake (13.0.6)
    rb-fsevent (0.11.0)
    rb-inotify (0.10.1)
      ffi (~> 1.0)
    regexp_parser (2.8.1)
    request_store (1.5.0)
      rack (>= 1.4)
    responders (3.0.1)
      actionpack (>= 5.0)
      railties (>= 5.0)
    reverse_markdown (2.1.1)
      nokogiri
    rexml (3.2.6)
    rubocop (1.27.0)
      parallel (~> 1.10)
      parser (>= 3.1.0.0)
      rainbow (>= 2.2.2, < 4.0)
      regexp_parser (>= 1.8, < 3.0)
      rexml
      rubocop-ast (>= 1.16.0, < 2.0)
      ruby-progressbar (~> 1.7)
      unicode-display_width (>= 1.4.0, < 3.0)
    rubocop-ast (1.17.0)
      parser (>= 3.1.1.0)
    rubocop-performance (1.13.3)
      rubocop (>= 1.7.0, < 2.0)
      rubocop-ast (>= 0.4.0)
    ruby-progressbar (1.11.0)
    ruby-vips (2.1.4)
      ffi (~> 1.12)
    ruby2_keywords (0.0.5)
    rubyzip (2.3.2)
    scenic (1.6.0)
      activerecord (>= 4.0.0)
      railties (>= 4.0.0)
    selenium-webdriver (4.11.0)
      rexml (~> 3.2, >= 3.2.5)
      rubyzip (>= 1.2.2, < 3.0)
      websocket (~> 1.0)
    semantic_range (3.0.0)
    sentry-raven (3.1.2)
      faraday (>= 1.0)
    singleton (0.1.1)
    smart_properties (1.17.0)
    solargraph (0.44.3)
      backport (~> 1.2)
      benchmark
      bundler (>= 1.17.2)
      diff-lcs (~> 1.4)
      e2mmap
      jaro_winkler (~> 1.5)
      kramdown (~> 2.3)
      kramdown-parser-gfm (~> 1.1)
      parser (~> 3.0)
      reverse_markdown (>= 1.0.5, < 3)
      rubocop (>= 0.52)
      thor (~> 1.0)
      tilt (~> 2.0)
      yard (~> 0.9, >= 0.9.24)
    sprockets (4.0.2)
      concurrent-ruby (~> 1.0)
      rack (> 1, < 3)
    sprockets-rails (3.4.2)
      actionpack (>= 5.2)
      activesupport (>= 5.2)
      sprockets (>= 3.0.0)
    spy (1.0.2)
    square.rb (18.0.0.20220216)
      certifi (~> 2018.1, >= 2018.01.18)
      faraday (~> 1.0, >= 1.0.1)
      faraday-http-cache (~> 2.2)
      faraday_middleware (~> 1.0)
      logging (~> 2.3)
    standard (1.10.0)
      rubocop (= 1.27.0)
      rubocop-performance (= 1.13.3)
    statsd-ruby (1.5.0)
    store_model (0.13.0)
      activerecord (>= 5.2)
    sucker_punch (3.0.1)
      concurrent-ruby (~> 1.0)
    text (1.3.1)
    thor (1.2.2)
    tilt (2.0.10)
    timeout (0.4.0)
    translation (1.29)
      gettext (~> 3.2, >= 3.2.5, <= 3.4.2)
    turbolinks (5.2.1)
      turbolinks-source (~> 5.2)
    turbolinks-source (5.2.0)
    turbolinks_render (0.9.21)
      actionpack (>= 5.2.0)
      activesupport (>= 5.2.0)
      railties (>= 5.2.0)
      turbolinks-source (~> 5.1)
    tzinfo (2.0.6)
      concurrent-ruby (~> 1.0)
    unf (0.1.4)
      unf_ext
    unf_ext (0.0.8)
    unicode-display_width (2.1.0)
    warden (1.2.9)
      rack (>= 2.0.9)
    web-console (4.2.0)
      actionview (>= 6.0.0)
      activemodel (>= 6.0.0)
      bindex (>= 0.4.0)
      railties (>= 6.0.0)
    webpacker (5.4.4)
      activesupport (>= 5.2)
      rack-proxy (>= 0.6.1)
      railties (>= 5.2)
      semantic_range (>= 2.3.0)
    webrick (1.7.0)
    websocket (1.2.9)
    websocket-driver (0.7.5)
      websocket-extensions (>= 0.1.0)
    websocket-extensions (0.1.5)
    xpath (3.2.0)
      nokogiri (~> 1.8)
    yard (0.9.27)
      webrick (~> 1.7.0)
    zeitwerk (2.6.8)

PLATFORMS
  ruby

DEPENDENCIES
  active_storage_log_suppressor!
  activerecord-postgres_enum
  acts_as_tenant
  appsignal
  audited!
  aws-sdk-s3
  barnes
  bootsnap (>= 1.4.1)
  byebug
  capybara (>= 2.15)
  chronic
  devise
  dotenv-rails
  erb_lint (~> 0.1.1)
  factory_bot_rails
  http
  image_processing (~> 1.12)
  jbuilder (~> 2.11)
  lefthook
  letter_opener
  listen
  mini_magick
  minitest (= 5.15.0)
  minitest-ci
  mjml-rails
  money-rails
  omniauth-google-oauth2
  omniauth-rails_csrf_protection
  pagy
  pg (>= 0.18, < 2.0)
  pg_search
  puma
  pundit
  rails (~> 6.1.4)
  rails-controller-testing
  reverse_markdown
  scenic
  selenium-webdriver
  sentry-raven
  solargraph
  spy
  square.rb
  standard
  store_model
  sucker_punch
  translation
  turbolinks (~> 5)
  turbolinks_render
  web-console (>= 3.3.0)
  webpacker (= 5.4.4)

RUBY VERSION
   ruby 3.1.4p223

BUNDLED WITH
   2.4.15
