GEM
  remote: https://rubygems.org/
  specs:
    sqlite3 (2.0.3-arm64-darwin)

PLATFORMS
  arm64-darwin-23

DEPENDENCIES
  sqlite3

RUBY VERSION
   ruby 3.1.6p260

BUNDLED WITH
   2.4.15
